GEM
  remote: https://rubygems.org/
  specs:
    fakeredis (0.4.2)
      redis (~> 3.0.0)
    ffi (1.8.1)
    hiredis (0.4.5)
    kgio (2.8.0)
    kicker (3.0.0pre1)
      listen
    listen (1.1.0)
      rb-fsevent (>= 0.9.3)
      rb-inotify (>= 0.9)
      rb-kqueue (>= 0.2)
    minitest (5.0.0)
    rack (1.5.2)
    rack-protection (1.5.0)
      rack
    rack-test (0.6.2)
      rack (>= 1.0)
    raindrops (0.11.0)
    rake (10.0.4)
    rb-fsevent (0.9.3)
    rb-inotify (0.9.0)
      ffi (>= 0.5.0)
    rb-kqueue (0.2.0)
      ffi (>= 0.5.0)
    redis (3.0.4)
    sinatra (1.4.2)
      rack (~> 1.5, >= 1.5.2)
      rack-protection (~> 1.4)
      tilt (~> 1.3, >= 1.3.4)
    tilt (1.4.1)
    unicorn (4.6.2)
      kgio (~> 2.6)
      rack
      raindrops (~> 0.7)

PLATFORMS
  ruby

DEPENDENCIES
  fakeredis (~> 0.4)
  hiredis (~> 0.4)
  kicker (= 3.0.0pre1)
  minitest
  rack-test
  rake
  rb-fsevent (~> 0.9.1)
  redis (~> 3.0)
  sinatra (~> 1.4.2)
  unicorn
