GEM
  remote: https://rubygems.org/
  specs:
    fakeredis (0.5.0)
      redis (~> 3.0)
    ffi (1.9.10)
    hiredis (0.6.0)
    kgio (2.9.3)
    kicker (3.0.0pre1)
      listen
    listen (3.0.3)
      rb-fsevent (>= 0.9.3)
      rb-inotify (>= 0.9)
    minitest (5.8.0)
    rack (1.6.4)
    rack-protection (1.5.3)
      rack
    rack-test (0.6.3)
      rack (>= 1.0)
    raindrops (0.15.0)
    rake (10.4.2)
    rb-fsevent (0.9.5)
    rb-inotify (0.9.5)
      ffi (>= 0.5.0)
    redis (3.2.1)
    sinatra (1.4.6)
      rack (~> 1.4)
      rack-protection (~> 1.4)
      tilt (>= 1.3, < 3)
    tilt (2.0.1)
    unicorn (4.9.0)
      kgio (~> 2.6)
      rack
      raindrops (~> 0.7)

PLATFORMS
  ruby

DEPENDENCIES
  fakeredis (~> 0.4)
  hiredis (~> 0.4)
  kicker (= 3.0.0pre1)
  minitest
  rack-test
  rake
  rb-fsevent (~> 0.9.1)
  redis (~> 3.0)
  sinatra (~> 1.4.2)
  unicorn

BUNDLED WITH
   1.10.6
