GEM
  remote: http://rubygems.org/
  specs:
    fakeredis (0.4.1)
      redis (~> 3.0.0)
    hiredis (0.4.5)
    kgio (2.7.4)
    kicker (3.0.0pre1)
      listen
    listen (0.5.3)
    minitest (4.1.0)
    rack (1.4.1)
    rack-protection (1.2.0)
      rack
    rack-test (0.6.2)
      rack (>= 1.0)
    raindrops (0.10.0)
    rake (0.9.2.2)
    rb-fsevent (0.9.2)
    redis (3.0.2)
    sinatra (1.3.3)
      rack (~> 1.3, >= 1.3.6)
      rack-protection (~> 1.2)
      tilt (~> 1.3, >= 1.3.3)
    tilt (1.3.3)
    unicorn (4.4.0)
      kgio (~> 2.6)
      rack
      raindrops (~> 0.7)

PLATFORMS
  ruby

DEPENDENCIES
  fakeredis (~> 0.4)
  hiredis (~> 0.4)
  kicker (= 3.0.0pre1)
  minitest
  rack-test
  rake
  rb-fsevent (~> 0.9.1)
  redis (~> 3.0)
  sinatra (~> 1.3.3)
  unicorn
